GEM
  remote: https://rubygems.org/
  specs:
    bit-struct (0.15.0)

PLATFORMS
  ruby

DEPENDENCIES
  bit-struct

RUBY VERSION
   ruby 2.3.0p0

BUNDLED WITH
   1.12.5
